GEM
  specs:
    active-fedora (8.3.0)
      active-triples (~> 0.4.0)
      activesupport (>= 3.0.0)
      deprecation
      nom-xml (>= 0.5.1)
      om (~> 3.1)
      rdf-rdfxml (~> 1.1)
      rsolr (>= 1.0.11, < 3)
      rubydora (~> 1.8)
    active-triples (0.4.0)
      activemodel (>= 3.0.0)
      activesupport (>= 3.0.0)
      deprecation (~> 0.1)
      linkeddata (~> 1.1)
      rdf (~> 1.1)
    activemodel (5.0.1)
      activesupport (= 5.0.1)
    activesupport (5.0.1)
      concurrent-ruby (~> 1.0, >= 1.0.2)
      i18n (~> 0.7)
      minitest (~> 5.1)
      tzinfo (~> 1.1)
    addressable (2.5.0)
      public_suffix (~> 2.0, >= 2.0.2)
    bagit (0.4.0)
      docopt (~> 0.5.0)
      validatable (~> 1.6)
    bcp47 (0.3.3)
      i18n
    builder (3.2.2)
    concurrent-ruby (1.0.4)
    confstruct (0.2.7)
    daemons (1.2.4)
    deprecation (0.2.2)
      activesupport
    docile (1.1.5)
    docopt (0.5.0)
    domain_name (0.5.20161129)
      unf (>= 0.0.5, < 1.0.0)
    dor-rights-auth (1.3.0)
      nokogiri
    dor-services (5.19.0)
      active-fedora (>= 6.0, < 9.a)
      activesupport (>= 3.2.18)
      confstruct (~> 0.2.7)
      dor-rights-auth (~> 1.0, >= 1.2.0)
      dor-workflow-service (~> 2.0, >= 2.0.1)
      druid-tools (~> 0.4, >= 0.4.1)
      equivalent-xml (~> 0.5, >= 0.5.1)
      json (>= 1.8.1)
      lyber-utils (~> 0.1.2)
      moab-versioning (~> 2.0)
      modsulator (>= 0.0.7, < 2)
      net-sftp (~> 2.1)
      nokogiri (~> 1.6)
      om (~> 3.0)
      rdf (~> 1.1, >= 1.1.7)
      rest-client (>= 1.7, < 3)
      retries
      rsolr (>= 1.0.3, < 3)
      ruby-cache (~> 0.3.0)
      ruby-graphviz
      rubydora (~> 1.6, >= 1.6.5)
      solrizer (~> 3.0)
      stanford-mods (>= 2.3.1)
      systemu (~> 2.6)
      uuidtools (~> 2.1.4)
    dor-workflow-service (2.2.0)
      activesupport (>= 3.2.1, < 6)
      confstruct (>= 0.2.7, < 2)
      faraday (~> 0.9, >= 0.9.2)
      net-http-persistent (>= 2.9.4, < 4.a)
      nokogiri (~> 1.6.0)
      retries
    druid-tools (0.4.1)
    ebnf (1.0.0)
      rdf (~> 1.1)
      sxp (~> 0.1, >= 0.1.3)
    equivalent-xml (0.6.0)
      nokogiri (>= 1.4.3)
    faraday (0.10.1)
      multipart-post (>= 1.2, < 3)
    haml (4.0.7)
      tilt
    hooks (0.4.1)
      uber (~> 0.0.14)
    htmlentities (4.3.4)
    http-cookie (1.0.3)
      domain_name (~> 0.5)
    i18n (0.7.0)
    iso-639 (0.2.8)
    json (1.8.3)
    json-ld (1.99.2)
      multi_json (~> 1.11)
      rdf (~> 1.99)
    link_header (0.0.8)
    linkeddata (1.99.0)
      equivalent-xml (~> 0.6)
      json-ld (~> 1.99)
      nokogiri (~> 1.6)
      rdf (~> 1.99)
      rdf-aggregate-repo (~> 1.99)
      rdf-isomorphic (~> 1.99)
      rdf-json (~> 1.1, >= 1.1.2)
      rdf-microdata (~> 2.0, >= 2.0.2)
      rdf-n3 (~> 1.99)
      rdf-rdfa (~> 1.99)
      rdf-rdfxml (~> 1.1, >= 1.1.5)
      rdf-reasoner (~> 0.3)
      rdf-tabular (~> 0.3)
      rdf-trig (~> 1.99, >= 1.99.0.1)
      rdf-trix (~> 1.99)
      rdf-turtle (~> 1.99)
      rdf-vocab (~> 0.8, >= 0.8.6)
      rdf-xsd (~> 1.1, >= 1.1.5)
      sparql (~> 1.99)
      sparql-client (~> 1.99)
    lyber-utils (0.1.2)
      bagit (>= 0.1.0)
      nokogiri (>= 1.4.3.1)
      systemu (>= 1.2.0)
      validatable
    mime-types (3.1)
      mime-types-data (~> 3.2015)
    mime-types-data (3.2016.0521)
    mini_portile2 (2.1.0)
    minitest (5.10.1)
    moab-versioning (2.0.0)
      confstruct
      json
      nokogiri
      nokogiri-happymapper
      systemu
    mods (2.1.0)
      iso-639
      nokogiri
      nom-xml (~> 0.6.0)
    modsulator (1.0.4)
      activesupport
      equivalent-xml (>= 0.6.0)
      nokogiri
      roo (>= 1.1)
    multi_json (1.12.1)
    multipart-post (2.0.0)
    net-http-persistent (2.9.4)
    net-sftp (2.1.2)
      net-ssh (>= 2.6.5)
    net-ssh (4.0.0)
    netrc (0.11.0)
    nokogiri (1.6.8.1)
      mini_portile2 (~> 2.1.0)
    nokogiri-happymapper (0.5.9)
      nokogiri (~> 1.5)
    nom-xml (0.6.0)
      activesupport (>= 3.2.18)
      i18n
      nokogiri
    om (3.1.1)
      activemodel
      activesupport
      nokogiri (>= 1.4.2)
      solrizer (~> 3.3)
    public_suffix (2.0.5)
    rdf (1.99.1)
      link_header (~> 0.0, >= 0.0.8)
    rdf-aggregate-repo (1.99.0)
      rdf (~> 1.99)
    rdf-isomorphic (1.99.0)
      rdf (~> 1.99)
    rdf-json (1.99.0)
      rdf (~> 1.99)
    rdf-microdata (2.0.2)
      htmlentities (~> 4.3)
      nokogiri (~> 1.6)
      rdf (~> 1.1)
      rdf-xsd (~> 1.1)
    rdf-n3 (1.99.0)
      rdf (~> 1.99)
    rdf-rdfa (1.99.1)
      haml (~> 4.0)
      htmlentities (~> 4.3)
      rdf (~> 1.99)
      rdf-aggregate-repo (~> 1.1)
      rdf-xsd (~> 1.1)
    rdf-rdfxml (1.99.0)
      htmlentities (~> 4.3)
      rdf (~> 1.99)
      rdf-rdfa (~> 1.99)
      rdf-xsd (~> 1.99)
    rdf-reasoner (0.3.0)
      rdf (~> 1.1, >= 1.1.4.2)
      rdf-turtle (~> 1.1)
      rdf-vocab (~> 0.8)
      rdf-xsd (~> 1.1)
    rdf-tabular (0.3.0)
      addressable (~> 2.3)
      bcp47 (~> 0.3, >= 0.3.3)
      json-ld (~> 1.1)
      rdf (~> 1.1, >= 1.1.7)
      rdf-vocab (~> 0.8)
      rdf-xsd (~> 1.1)
    rdf-trig (1.99.0.1)
      ebnf (~> 1.0)
      rdf (~> 1.99)
      rdf-turtle (~> 1.99)
    rdf-trix (1.99.0)
      rdf (~> 1.1)
    rdf-turtle (1.99.0)
      ebnf (~> 1.0)
      rdf (~> 1.99)
    rdf-vocab (0.8.8)
      rdf (~> 1.1, >= 1.1.10)
    rdf-xsd (1.99.0)
      rdf (~> 1.99)
    rest-client (2.0.0)
      http-cookie (>= 1.0.2, < 2.0)
      mime-types (>= 1.16, < 4.0)
      netrc (~> 0.8)
    retries (0.0.5)
    roo (2.7.1)
      nokogiri (~> 1)
      rubyzip (~> 1.1, < 2.0.0)
    rsolr (1.1.2)
      builder (>= 2.1.2)
    ruby-cache (0.3.0)
    ruby-graphviz (1.2.2)
    rubydora (1.9.1)
      activemodel
      activesupport
      deprecation
      equivalent-xml
      hooks (~> 0.3)
      mime-types
      nokogiri
      rest-client
    rubyzip (1.2.0)
    solrizer (3.4.0)
      activesupport
      daemons
      nokogiri
      stomp
      xml-simple
    sparql (1.99.1)
      builder (~> 3.2)
      ebnf (~> 1.0)
      rdf (~> 1.99)
      rdf-aggregate-repo (~> 1.99)
      rdf-xsd (~> 1.1)
      sparql-client (~> 1.1)
      sxp (~> 0.1)
    sparql-client (1.99.1)
      json (~> 1.8)
      net-http-persistent (~> 2.9)
      rdf (>= 1.99, < 3)
      tins (= 1.6.0)
    stanford-mods (2.3.1)
      activesupport
      mods (~> 2.0, >= 2.0.2)
    stomp (1.4.3)
    sxp (0.1.5)
    systemu (2.6.5)
    thread_safe (0.3.5)
    tilt (2.0.5)
    tins (1.6.0)
    tzinfo (1.2.2)
      thread_safe (~> 0.1)
    uber (0.0.15)
    unf (0.1.4)
      unf_ext
    unf_ext (0.0.7.2)
    uuidtools (2.1.5)
    validatable (1.6.7)
    xml-simple (1.1.5)

PLATFORMS
  ruby

DEPENDENCIES
  docile
  dor-services

BUNDLED WITH
   1.13.6
